PATH
  remote: .
  specs:
    karafka (1.2.6)
      dry-configurable (~> 0.7)
      dry-events (~> 0.1)
      dry-inflector (~> 0.1.1)
      dry-monitor (~> 0.1)
      dry-validation (~> 0.11)
      envlogic (~> 1.0)
      multi_json (>= 1.12)
      rake (>= 11.3)
      require_all (>= 1.4)
      ruby-kafka (>= 0.7.0)
      thor (~> 0.19)
      waterdrop (~> 1.2)

GEM
  remote: https://rubygems.org/
  specs:
    benchmark-ips (2.7.2)
    concurrent-ruby (1.0.5)
    delivery_boy (0.2.7)
      king_konf (~> 0.2)
      ruby-kafka (~> 0.5)
    diff-lcs (1.3)
    digest-crc (0.4.1)
    docile (1.3.1)
    dry-configurable (0.7.0)
      concurrent-ruby (~> 1.0)
    dry-container (0.6.0)
      concurrent-ruby (~> 1.0)
      dry-configurable (~> 0.1, >= 0.1.3)
    dry-core (0.4.7)
      concurrent-ruby (~> 1.0)
    dry-equalizer (0.2.1)
    dry-events (0.1.0)
      concurrent-ruby (~> 1.0)
      dry-core (~> 0.4)
      dry-equalizer (~> 0.2)
    dry-inflector (0.1.2)
    dry-logic (0.4.2)
      dry-container (~> 0.2, >= 0.2.6)
      dry-core (~> 0.2)
      dry-equalizer (~> 0.2)
    dry-monitor (0.1.2)
      dry-configurable (~> 0.5)
      dry-equalizer (~> 0.2)
      dry-events (~> 0.1)
      rouge (~> 2.0, >= 2.2.1)
    dry-types (0.13.2)
      concurrent-ruby (~> 1.0)
      dry-container (~> 0.3)
      dry-core (~> 0.4, >= 0.4.4)
      dry-equalizer (~> 0.2)
      dry-inflector (~> 0.1, >= 0.1.2)
      dry-logic (~> 0.4, >= 0.4.2)
    dry-validation (0.12.1)
      concurrent-ruby (~> 1.0)
      dry-configurable (~> 0.1, >= 0.1.3)
      dry-core (~> 0.2, >= 0.2.1)
      dry-equalizer (~> 0.2)
      dry-logic (~> 0.4, >= 0.4.0)
      dry-types (~> 0.13.1)
    envlogic (1.1.0)
      dry-inflector (~> 0.1)
    json (2.1.0)
    king_konf (0.3.6)
    multi_json (1.13.1)
    null-logger (0.1.5)
    rake (12.3.1)
    require_all (2.0.0)
    rouge (2.2.1)
    rspec (3.8.0)
      rspec-core (~> 3.8.0)
      rspec-expectations (~> 3.8.0)
      rspec-mocks (~> 3.8.0)
    rspec-core (3.8.0)
      rspec-support (~> 3.8.0)
    rspec-expectations (3.8.1)
      diff-lcs (>= 1.2.0, < 2.0)
      rspec-support (~> 3.8.0)
    rspec-mocks (3.8.0)
      diff-lcs (>= 1.2.0, < 2.0)
      rspec-support (~> 3.8.0)
    rspec-support (3.8.0)
    ruby-kafka (0.7.0)
      digest-crc
    simplecov (0.16.1)
      docile (~> 1.1)
      json (>= 1.8, < 3)
      simplecov-html (~> 0.10.0)
    simplecov-html (0.10.2)
    thor (0.20.0)
    timecop (0.9.1)
    waterdrop (1.2.2)
      delivery_boy (~> 0.2)
      dry-configurable (~> 0.7)
      dry-monitor (~> 0.1)
      dry-validation (~> 0.11)
      null-logger (~> 0.1)

PLATFORMS
  ruby

DEPENDENCIES
  benchmark-ips
  karafka!
  rspec
  simplecov
  timecop

BUNDLED WITH
   1.16.3
