PATH
  remote: .
  specs:
    karafka (1.2.0)
      activesupport (>= 5.0)
      dry-configurable (~> 0.7)
      dry-inflector (~> 0.1.1)
      dry-monitor (~> 0.1)
      dry-validation (~> 0.11)
      envlogic (~> 1.0)
      multi_json (>= 1.12)
      rake (>= 11.3)
      require_all (>= 1.4)
      ruby-kafka (>= 0.5)
      thor (~> 0.19)
      waterdrop (>= 1.0.1)

GEM
  remote: https://rubygems.org/
  specs:
    activesupport (5.1.4)
      concurrent-ruby (~> 1.0, >= 1.0.2)
      i18n (~> 0.7)
      minitest (~> 5.1)
      tzinfo (~> 1.1)
    concurrent-ruby (1.0.5)
    delivery_boy (0.2.4)
      king_konf (~> 0.1.8)
      ruby-kafka (~> 0.5.1)
    diff-lcs (1.3)
    docile (1.1.5)
    dry-configurable (0.7.0)
      concurrent-ruby (~> 1.0)
    dry-container (0.6.0)
      concurrent-ruby (~> 1.0)
      dry-configurable (~> 0.1, >= 0.1.3)
    dry-core (0.4.2)
      concurrent-ruby (~> 1.0)
    dry-equalizer (0.2.0)
    dry-events (0.1.0)
      concurrent-ruby (~> 1.0)
      dry-core (~> 0.4)
      dry-equalizer (~> 0.2)
    dry-inflector (0.1.1)
    dry-logic (0.4.2)
      dry-container (~> 0.2, >= 0.2.6)
      dry-core (~> 0.2)
      dry-equalizer (~> 0.2)
    dry-monitor (0.1.2)
      dry-configurable (~> 0.5)
      dry-equalizer (~> 0.2)
      dry-events (~> 0.1)
      rouge (~> 2.0, >= 2.2.1)
    dry-types (0.12.2)
      concurrent-ruby (~> 1.0)
      dry-configurable (~> 0.1)
      dry-container (~> 0.3)
      dry-core (~> 0.2, >= 0.2.1)
      dry-equalizer (~> 0.2)
      dry-logic (~> 0.4, >= 0.4.2)
      inflecto (~> 0.0.0, >= 0.0.2)
    dry-validation (0.11.1)
      concurrent-ruby (~> 1.0)
      dry-configurable (~> 0.1, >= 0.1.3)
      dry-core (~> 0.2, >= 0.2.1)
      dry-equalizer (~> 0.2)
      dry-logic (~> 0.4, >= 0.4.0)
      dry-types (~> 0.12.0)
    envlogic (1.0.4)
      activesupport
    i18n (0.9.3)
      concurrent-ruby (~> 1.0)
    inflecto (0.0.2)
    json (2.1.0)
    king_konf (0.1.9)
    minitest (5.11.1)
    multi_json (1.13.1)
    null-logger (0.1.4)
    rake (12.3.0)
    require_all (1.5.0)
    rouge (2.2.1)
    rspec (3.7.0)
      rspec-core (~> 3.7.0)
      rspec-expectations (~> 3.7.0)
      rspec-mocks (~> 3.7.0)
    rspec-core (3.7.1)
      rspec-support (~> 3.7.0)
    rspec-expectations (3.7.0)
      diff-lcs (>= 1.2.0, < 2.0)
      rspec-support (~> 3.7.0)
    rspec-mocks (3.7.0)
      diff-lcs (>= 1.2.0, < 2.0)
      rspec-support (~> 3.7.0)
    rspec-support (3.7.0)
    ruby-kafka (0.5.2)
    simplecov (0.15.1)
      docile (~> 1.1.0)
      json (>= 1.8, < 3)
      simplecov-html (~> 0.10.0)
    simplecov-html (0.10.2)
    thor (0.20.0)
    thread_safe (0.3.6)
    timecop (0.9.1)
    tzinfo (1.2.4)
      thread_safe (~> 0.1)
    waterdrop (1.0.1)
      delivery_boy (>= 0.2.2)
      dry-configurable (~> 0.7)
      dry-validation (~> 0.11)
      null-logger
      ruby-kafka (>= 0.5)

PLATFORMS
  ruby

DEPENDENCIES
  karafka!
  rspec
  simplecov
  timecop
  waterdrop

BUNDLED WITH
   1.16.1
