PATH
  remote: .
  specs:
    karafka (2.4.9)
      base64 (~> 0.2)
      karafka-core (>= 2.4.3, < 2.5.0)
      karafka-rdkafka (>= 0.17.2)
      waterdrop (>= 2.7.3, < 3.0.0)
      zeitwerk (~> 2.3)

GEM
  remote: https://rubygems.org/
  specs:
    activejob (7.2.1)
      activesupport (= 7.2.1)
      globalid (>= 0.3.6)
    activesupport (7.2.1)
      base64
      bigdecimal
      concurrent-ruby (~> 1.0, >= 1.3.1)
      connection_pool (>= 2.2.5)
      drb
      i18n (>= 1.6, < 2)
      logger (>= 1.4.2)
      minitest (>= 5.1)
      securerandom (>= 0.3)
      tzinfo (~> 2.0, >= 2.0.5)
    base64 (0.2.0)
    bigdecimal (3.1.8)
    byebug (11.1.3)
    concurrent-ruby (1.3.4)
    connection_pool (2.4.1)
    diff-lcs (1.5.1)
    docile (1.4.1)
    drb (2.2.1)
    erubi (1.13.0)
    et-orbi (1.2.11)
      tzinfo
    factory_bot (6.4.6)
      activesupport (>= 5.0.0)
    ffi (1.17.0)
    fugit (1.11.1)
      et-orbi (~> 1, >= 1.2.11)
      raabro (~> 1.4)
    globalid (1.2.1)
      activesupport (>= 6.1)
    i18n (1.14.5)
      concurrent-ruby (~> 1.0)
    karafka-core (2.4.4)
      karafka-rdkafka (>= 0.15.0, < 0.18.0)
    karafka-rdkafka (0.17.3)
      ffi (~> 1.15)
      mini_portile2 (~> 2.6)
      rake (> 12)
    karafka-testing (2.4.6)
      karafka (>= 2.4.0, < 2.5.0)
      waterdrop (>= 2.7.0)
    karafka-web (0.10.1)
      erubi (~> 1.4)
      karafka (>= 2.4.9, < 2.5.0)
      karafka-core (>= 2.4.0, < 2.5.0)
      roda (~> 3.68, >= 3.69)
      tilt (~> 2.0)
    logger (1.6.0)
    mini_portile2 (2.8.7)
    minitest (5.25.1)
    ostruct (0.6.0)
    raabro (1.4.0)
    rack (3.1.7)
    rake (13.2.1)
    roda (3.83.0)
      rack
    rspec (3.13.0)
      rspec-core (~> 3.13.0)
      rspec-expectations (~> 3.13.0)
      rspec-mocks (~> 3.13.0)
    rspec-core (3.13.0)
      rspec-support (~> 3.13.0)
    rspec-expectations (3.13.1)
      diff-lcs (>= 1.2.0, < 2.0)
      rspec-support (~> 3.13.0)
    rspec-mocks (3.13.1)
      diff-lcs (>= 1.2.0, < 2.0)
      rspec-support (~> 3.13.0)
    rspec-support (3.13.1)
    securerandom (0.3.1)
    simplecov (0.22.0)
      docile (~> 1.1)
      simplecov-html (~> 0.11)
      simplecov_json_formatter (~> 0.1)
    simplecov-html (0.12.3)
    simplecov_json_formatter (0.1.4)
    tilt (2.4.0)
    tzinfo (2.0.6)
      concurrent-ruby (~> 1.0)
    waterdrop (2.7.4)
      karafka-core (>= 2.4.3, < 3.0.0)
      karafka-rdkafka (>= 0.15.1)
      zeitwerk (~> 2.3)
    zeitwerk (2.6.17)

PLATFORMS
  ruby
  x86_64-linux

DEPENDENCIES
  activejob
  byebug
  factory_bot
  fugit
  karafka!
  karafka-testing (>= 2.4.6)
  karafka-web (>= 0.10.0.rc2)
  ostruct
  rspec
  simplecov

BUNDLED WITH
   2.5.11
