PATH
  remote: .
  specs:
    karafka (0.6.0)
      activesupport (>= 5.0)
      celluloid
      dry-configurable (~> 0.7)
      dry-validation (~> 0.11)
      envlogic (~> 1.0)
      rake (>= 11.3)
      ruby-kafka (>= 0.4)
      sidekiq (>= 4.2)
      thor (~> 0.19)
      waterdrop (~> 0.3.2.4)
      yajl-ruby (>= 1.3.0)

GEM
  remote: https://rubygems.org/
  specs:
    activesupport (5.1.3)
      concurrent-ruby (~> 1.0, >= 1.0.2)
      i18n (~> 0.7)
      minitest (~> 5.1)
      tzinfo (~> 1.1)
    byebug (9.0.6)
    celluloid (0.17.3)
      celluloid-essentials
      celluloid-extras
      celluloid-fsm
      celluloid-pool
      celluloid-supervision
      timers (>= 4.1.1)
    celluloid-essentials (0.20.5)
      timers (>= 4.1.1)
    celluloid-extras (0.20.5)
      timers (>= 4.1.1)
    celluloid-fsm (0.20.5)
      timers (>= 4.1.1)
    celluloid-pool (0.20.5)
      timers (>= 4.1.1)
    celluloid-supervision (0.20.6)
      timers (>= 4.1.1)
    concurrent-ruby (1.0.5)
    connection_pool (2.2.1)
    diff-lcs (1.3)
    docile (1.1.5)
    dry-configurable (0.7.0)
      concurrent-ruby (~> 1.0)
    dry-container (0.6.0)
      concurrent-ruby (~> 1.0)
      dry-configurable (~> 0.1, >= 0.1.3)
    dry-core (0.3.1)
      concurrent-ruby (~> 1.0)
    dry-equalizer (0.2.0)
    dry-logic (0.4.1)
      dry-container (~> 0.2, >= 0.2.6)
      dry-core (~> 0.2)
      dry-equalizer (~> 0.2)
    dry-types (0.11.0)
      concurrent-ruby (~> 1.0)
      dry-configurable (~> 0.1)
      dry-container (~> 0.3)
      dry-core (~> 0.2, >= 0.2.1)
      dry-equalizer (~> 0.2)
      dry-logic (~> 0.4, >= 0.4.0)
      inflecto (~> 0.0.0, >= 0.0.2)
    dry-validation (0.11.0)
      concurrent-ruby (~> 1.0)
      dry-configurable (~> 0.1, >= 0.1.3)
      dry-core (~> 0.2, >= 0.2.1)
      dry-equalizer (~> 0.2)
      dry-logic (~> 0.4, >= 0.4.0)
      dry-types (~> 0.11.0)
    envlogic (1.0.3)
      activesupport
    ffi (1.9.18)
    gssapi (1.2.0)
      ffi (>= 1.0.1)
    hitimes (1.2.5)
    i18n (0.8.6)
    inflecto (0.0.2)
    json (2.1.0)
    minitest (5.10.3)
    null-logger (0.1.4)
    rack (2.0.3)
    rack-protection (2.0.0)
      rack
    rake (12.0.0)
    redis (3.3.3)
    rspec (3.6.0)
      rspec-core (~> 3.6.0)
      rspec-expectations (~> 3.6.0)
      rspec-mocks (~> 3.6.0)
    rspec-core (3.6.0)
      rspec-support (~> 3.6.0)
    rspec-expectations (3.6.0)
      diff-lcs (>= 1.2.0, < 2.0)
      rspec-support (~> 3.6.0)
    rspec-mocks (3.6.0)
      diff-lcs (>= 1.2.0, < 2.0)
      rspec-support (~> 3.6.0)
    rspec-support (3.6.0)
    ruby-kafka (0.4.0)
      gssapi (>= 1.2.0)
    sidekiq (5.0.4)
      concurrent-ruby (~> 1.0)
      connection_pool (~> 2.2, >= 2.2.0)
      rack-protection (>= 1.5.0)
      redis (~> 3.3, >= 3.3.3)
    simplecov (0.14.1)
      docile (~> 1.1.0)
      json (>= 1.8, < 3)
      simplecov-html (~> 0.10.0)
    simplecov-html (0.10.1)
    thor (0.19.4)
    thread_safe (0.3.6)
    timecop (0.9.1)
    timers (4.1.2)
      hitimes
    tzinfo (1.2.3)
      thread_safe (~> 0.1)
    waterdrop (0.3.2.4)
      bundler
      connection_pool
      dry-configurable (~> 0.6)
      null-logger
      rake
      ruby-kafka
    yajl-ruby (1.3.0)

PLATFORMS
  ruby

DEPENDENCIES
  bundler (~> 1.2)
  byebug
  karafka!
  rspec (>= 3.6)
  simplecov (>= 0.14)
  timecop

BUNDLED WITH
   1.14.6
