PATH
  remote: .
  specs:
    karafka (2.1.5)
      karafka-core (>= 2.1.0.beta1, < 2.2.0)
      thor (>= 0.20)
      waterdrop (>= 2.6.1.beta1, < 3.0.0)
      zeitwerk (~> 2.3)

GEM
  remote: https://rubygems.org/
  specs:
    activejob (7.0.5)
      activesupport (= 7.0.5)
      globalid (>= 0.3.6)
    activesupport (7.0.5)
      concurrent-ruby (~> 1.0, >= 1.0.2)
      i18n (>= 1.6, < 2)
      minitest (>= 5.1)
      tzinfo (~> 2.0)
    byebug (11.1.3)
    concurrent-ruby (1.2.2)
    diff-lcs (1.5.0)
    docile (1.4.0)
    erubi (1.12.0)
    factory_bot (6.2.1)
      activesupport (>= 5.0.0)
    ffi (1.15.5)
    globalid (1.1.0)
      activesupport (>= 5.0)
    i18n (1.14.1)
      concurrent-ruby (~> 1.0)
    karafka-core (2.1.0.beta1)
      concurrent-ruby (>= 1.1)
      karafka-rdkafka (>= 0.13.0.beta2, < 0.14.0)
    karafka-rdkafka (0.13.0.beta2)
      ffi (~> 1.15)
      mini_portile2 (~> 2.6)
      rake (> 12)
    karafka-web (0.6.0)
      erubi (~> 1.4)
      karafka (>= 2.1.4, < 3.0.0)
      karafka-core (>= 2.0.13, < 3.0.0)
      roda (~> 3.68, >= 3.68)
      tilt (~> 2.0)
    mini_portile2 (2.8.2)
    minitest (5.18.1)
    rack (3.0.8)
    rake (13.0.6)
    roda (3.69.0)
      rack
    rspec (3.12.0)
      rspec-core (~> 3.12.0)
      rspec-expectations (~> 3.12.0)
      rspec-mocks (~> 3.12.0)
    rspec-core (3.12.2)
      rspec-support (~> 3.12.0)
    rspec-expectations (3.12.3)
      diff-lcs (>= 1.2.0, < 2.0)
      rspec-support (~> 3.12.0)
    rspec-mocks (3.12.5)
      diff-lcs (>= 1.2.0, < 2.0)
      rspec-support (~> 3.12.0)
    rspec-support (3.12.0)
    simplecov (0.22.0)
      docile (~> 1.1)
      simplecov-html (~> 0.11)
      simplecov_json_formatter (~> 0.1)
    simplecov-html (0.12.3)
    simplecov_json_formatter (0.1.4)
    thor (1.2.2)
    tilt (2.2.0)
    tzinfo (2.0.6)
      concurrent-ruby (~> 1.0)
    waterdrop (2.6.1.beta1)
      karafka-core (>= 2.1.0.beta1, < 3.0.0)
      zeitwerk (~> 2.3)
    zeitwerk (2.6.8)

PLATFORMS
  x86_64-linux

DEPENDENCIES
  activejob
  byebug
  factory_bot
  karafka!
  karafka-web
  rspec
  simplecov

BUNDLED WITH
   2.4.12
